PATH
  remote: .
  specs:
    registry-client (0.0.1)
      thor

GEM
  remote: https://rubygems.org/
  specs:
    rake (10.1.1)
    thor (0.18.1)

PLATFORMS
  ruby

DEPENDENCIES
  bundler (~> 1.3)
  rake
  registry-client!
